GEM
  remote: https://rubygems.org/
  specs:
    mini_portile2 (2.3.0)
    nokogiri (1.8.2)
      mini_portile2 (~> 2.3.0)
    posix-spawn (0.3.11)
    rake (11.2.2)

PLATFORMS
  ruby

DEPENDENCIES
  nokogiri (>= 1.8.2)
  posix-spawn
  rake

BUNDLED WITH
   1.16.1
